GEM
  remote: http://rubygems.org/
  specs:
    activemodel (3.0.0)
      activesupport (= 3.0.0)
      builder (~> 2.1.2)
      i18n (~> 0.4.1)
    activerecord (3.0.0)
      activemodel (= 3.0.0)
      activesupport (= 3.0.0)
      arel (~> 1.0.0)
      tzinfo (~> 0.3.23)
    activesupport (3.0.0)
    arel (1.0.1)
      activesupport (~> 3.0.0)
    builder (2.1.2)
    cucumber (0.8.5)
      builder (~> 2.1.2)
      diff-lcs (~> 1.1.2)
      gherkin (~> 2.1.4)
      json_pure (~> 1.4.3)
      term-ansicolor (~> 1.0.4)
    cucumber-sinatra (0.3.0)
      templater (>= 1.0.0)
    database_cleaner (0.5.2)
    diff-lcs (1.1.2)
    extlib (0.9.15)
    fastercsv (1.5.3)
    gherkin (2.1.5)
      trollop (~> 1.16.2)
    highline (1.5.0)
    i18n (0.4.1)
    json_pure (1.4.6)
    rack (1.2.1)
    sinatra (1.0)
      rack (>= 1.0)
    templater (1.0.0)
      diff-lcs (>= 1.1.2)
      extlib (>= 0.9.5)
      highline (>= 1.4.0)
    term-ansicolor (1.0.5)
    trollop (1.16.2)
    tzinfo (0.3.23)

PLATFORMS
  ruby

DEPENDENCIES
  activerecord (= 3.0.0)
  cucumber
  cucumber-sinatra
  database_cleaner
  fastercsv
  rack
  sinatra
